PATH
  remote: .
  specs:
    gmail (0.4.0)
      gmail_xoauth (>= 0.4.1)
      mail (>= 2.5.4)
      mime (>= 0.1)

GEM
  remote: http://rubygems.org/
  specs:
    diff-lcs (1.1.3)
    gmail_xoauth (0.4.1)
      oauth (>= 0.3.6)
    mail (2.5.4)
      mime-types (~> 1.16)
      treetop (~> 1.4.8)
    metaclass (0.0.1)
    mime (0.1)
    mime-types (1.25)
    mocha (0.11.0)
      metaclass (~> 0.0.1)
    oauth (0.4.7)
    polyglot (0.3.3)
    rake (0.9.2.2)
    rspec (2.9.0)
      rspec-core (~> 2.9.0)
      rspec-expectations (~> 2.9.0)
      rspec-mocks (~> 2.9.0)
    rspec-core (2.9.0)
    rspec-expectations (2.9.1)
      diff-lcs (~> 1.1.3)
    rspec-mocks (2.9.0)
    treetop (1.4.15)
      polyglot
      polyglot (>= 0.3.1)

PLATFORMS
  ruby

DEPENDENCIES
  gmail!
  mocha (>= 0.9)
  rake
  rspec (~> 2.0)
